PATH
  remote: .
  specs:
    mpesa_stk (1.3)
      httparty (>= 0.15.6, < 0.19.0)
      redis-namespace (~> 1.5, >= 1.5.3)
      redis-rack (~> 2.0, >= 2.0.2)

GEM
  remote: https://rubygems.org/
  specs:
    addressable (2.7.0)
      public_suffix (>= 2.0.2, < 5.0)
    coderay (1.1.3)
    crack (0.4.4)
    dotenv (2.7.6)
    hashdiff (1.0.1)
    httparty (0.18.1)
      mime-types (~> 3.0)
      multi_xml (>= 0.5.2)
    method_source (0.8.2)
    mime-types (3.3.1)
      mime-types-data (~> 3.2015)
    mime-types-data (3.2020.1104)
    minitest (5.14.2)
    multi_xml (0.6.0)
    pry (0.10.4)
      coderay (~> 1.1.0)
      method_source (~> 0.8.1)
      slop (~> 3.4)
    pry-nav (0.2.4)
      pry (>= 0.9.10, < 0.11.0)
    public_suffix (4.0.6)
    rack (2.2.3)
    rake (13.0.1)
    redis (4.2.2)
    redis-namespace (1.8.0)
      redis (>= 3.0.4)
    redis-rack (2.1.3)
      rack (>= 2.0.8, < 3)
      redis-store (>= 1.2, < 2)
    redis-store (1.9.0)
      redis (>= 4, < 5)
    slop (3.6.0)
    webmock (3.10.0)
      addressable (>= 2.3.6)
      crack (>= 0.3.2)
      hashdiff (>= 0.4.0, < 2.0.0)

PLATFORMS
  ruby

DEPENDENCIES
  bundler
  dotenv (= 2.7.6)
  minitest (~> 5.0)
  mpesa_stk!
  pry (~> 0.10.4)
  pry-nav (~> 0.2.4)
  rake (>= 12.3.3)
  webmock (~> 3.0, >= 3.0.1)

BUNDLED WITH
   2.1.4
